PATH
  remote: .
  specs:
    devdnsd (0.0.1)
      cowtech-extensions
      gli
      plist
      rexec
      rubydns

GEM
  remote: http://rubygems.org/
  specs:
    actionpack (3.2.6)
      activemodel (= 3.2.6)
      activesupport (= 3.2.6)
      builder (~> 3.0.0)
      erubis (~> 2.7.0)
      journey (~> 1.0.1)
      rack (~> 1.4.0)
      rack-cache (~> 1.2)
      rack-test (~> 0.6.1)
      sprockets (~> 2.1.3)
    activemodel (3.2.6)
      activesupport (= 3.2.6)
      builder (~> 3.0.0)
    activesupport (3.2.6)
      i18n (~> 0.6)
      multi_json (~> 1.0)
    builder (3.0.0)
    cowtech-extensions (2.1.0)
      actionpack (~> 3.0)
      tzinfo (~> 0.3.33)
    erubis (2.7.0)
    eventmachine (0.12.10)
    gli (1.6.0)
    hike (1.2.1)
    i18n (0.6.0)
    journey (1.0.3)
    multi_json (1.3.6)
    plist (3.1.0)
    rack (1.4.1)
    rack-cache (1.2)
      rack (>= 0.4)
    rack-test (0.6.1)
      rack (>= 1.0)
    rexec (1.4.1)
    rubydns (0.4.0)
      eventmachine
      rexec
    sprockets (2.1.3)
      hike (~> 1.2)
      rack (~> 1.0)
      tilt (~> 1.1, != 1.3.0)
    tilt (1.3.3)
    tzinfo (0.3.33)

PLATFORMS
  ruby

DEPENDENCIES
  devdnsd!
