PATH
  remote: .
  specs:
    devdnsd (1.5.1)
      mamertes (~> 1.1.7)
      rexec (~> 1.4.1)
      rubydns (~> 0.4.0)

GEM
  remote: http://rubygems.org/
  specs:
    actionpack (3.2.8)
      activemodel (= 3.2.8)
      activesupport (= 3.2.8)
      builder (~> 3.0.0)
      erubis (~> 2.7.0)
      journey (~> 1.0.4)
      rack (~> 1.4.0)
      rack-cache (~> 1.2)
      rack-test (~> 0.6.1)
      sprockets (~> 2.1.3)
    activemodel (3.2.8)
      activesupport (= 3.2.8)
      builder (~> 3.0.0)
    activesupport (3.2.8)
      i18n (~> 0.6)
      multi_json (~> 1.0)
    bovem (1.2.1)
      lazier (~> 1.0)
      open4 (~> 1.3.0)
    builder (3.0.3)
    coderay (1.0.7)
    diff-lcs (1.1.3)
    erubis (2.7.0)
    eventmachine (1.0.0)
    github-markup (0.7.4)
    hike (1.2.1)
    i18n (0.6.1)
    journey (1.0.4)
    json (1.7.5)
    lazier (1.0.4)
      actionpack (~> 3.0)
      json (~> 1.7.0)
      tzinfo (~> 0.3.0)
    mamertes (1.1.7)
      bovem (~> 1.2.1)
    method_source (0.8)
    multi_json (1.3.6)
    net-dns (0.7.1)
    open4 (1.3.0)
    pry (0.9.10)
      coderay (~> 1.0.5)
      method_source (~> 0.8)
      slop (~> 3.3.1)
    rack (1.4.1)
    rack-cache (1.2)
      rack (>= 0.4)
    rack-test (0.6.2)
      rack (>= 1.0)
    rake (0.9.2.2)
    redcarpet (2.1.1)
    rexec (1.4.1)
    rspec (2.11.0)
      rspec-core (~> 2.11.0)
      rspec-expectations (~> 2.11.0)
      rspec-mocks (~> 2.11.0)
    rspec-core (2.11.1)
    rspec-expectations (2.11.3)
      diff-lcs (~> 1.1.3)
    rspec-mocks (2.11.3)
    rubydns (0.4.1)
      eventmachine
      rexec
    simplecov (0.6.4)
      multi_json (~> 1.0)
      simplecov-html (~> 0.5.3)
    simplecov-html (0.5.3)
    slop (3.3.3)
    sprockets (2.1.3)
      hike (~> 1.2)
      rack (~> 1.0)
      tilt (~> 1.1, != 1.3.0)
    tilt (1.3.3)
    tzinfo (0.3.33)
    yard (0.8.2.1)

PLATFORMS
  ruby

DEPENDENCIES
  devdnsd!
  github-markup (~> 0.7.0)
  net-dns (~> 0.7.0)
  pry
  rake (~> 0.9.0)
  redcarpet (~> 2.1.0)
  rspec (~> 2.11.0)
  simplecov (~> 0.6.0)
  yard (~> 0.8.0)
